GEM
  remote: http://rubygems.org/
  specs:
    actionmailer (2.3.11)
      actionpack (= 2.3.11)
    actionpack (2.3.11)
      activesupport (= 2.3.11)
      rack (~> 1.1.0)
    activerecord (2.3.11)
      activesupport (= 2.3.11)
    activeresource (2.3.11)
      activesupport (= 2.3.11)
    activesupport (2.3.11)
    capistrano (2.7.0)
      highline
      net-scp (>= 1.0.0)
      net-sftp (>= 2.0.0)
      net-ssh (>= 2.0.14)
      net-ssh-gateway (>= 1.1.0)
    daemon_controller (1.1.4)
    erubis (2.7.0)
    exception_notification (2.3.3.0)
    highline (1.6.13)
    hipchat (0.8.0)
      httparty
    httparty (0.11.0)
      multi_json (~> 1.0)
      multi_xml (>= 0.5.2)
    mocha (0.9.8)
      rake
    multi_json (1.3.6)
    multi_xml (0.5.3)
    mysql (2.8.1)
    net-scp (1.0.4)
      net-ssh (>= 1.99.1)
    net-sftp (2.0.5)
      net-ssh (>= 2.0.9)
    net-ssh (2.5.2)
    net-ssh-gateway (1.1.0)
      net-ssh (>= 1.99.1)
    open4 (0.9.3)
    passenger (4.0.2)
      daemon_controller (>= 1.1.0)
      rack
      rake (>= 0.8.1)
    rack (1.1.3)
    rails (2.3.11)
      actionmailer (= 2.3.11)
      actionpack (= 2.3.11)
      activerecord (= 2.3.11)
      activeresource (= 2.3.11)
      activesupport (= 2.3.11)
      rake (>= 0.8.3)
    rake (0.9.6)
    syntax (1.0.0)

PLATFORMS
  ruby

DEPENDENCIES
  capistrano (= 2.7.0)
  erubis
  exception_notification (= 2.3.3.0)
  hipchat (~> 0.8.0)
  mocha (= 0.9.8)
  mysql
  open4 (= 0.9.3)
  passenger (~> 4.0.2)
  rails (= 2.3.11)
  rake (~> 0.9.6)
  syntax (= 1.0.0)
